GEM
  remote: https://rubygems.org/
  specs:
    activesupport (4.2.1)
      i18n (~> 0.7)
      json (~> 1.7, >= 1.7.7)
      minitest (~> 5.1)
      thread_safe (~> 0.3, >= 0.3.4)
      tzinfo (~> 1.1)
    api-auth (1.3.1)
    i18n (0.7.0)
    json (1.8.2-java)
    mingle_events (0.2.1)
      activesupport
      api-auth
      minitar
      nokogiri
    minitar (0.5.4)
    minitest (5.5.1)
    nokogiri (1.6.6.2-java)
    thread_safe (0.3.5-java)
    tzinfo (1.2.2)
      thread_safe (~> 0.1)

PLATFORMS
  java

DEPENDENCIES
  mingle_events
